GEM
  remote: https://rubygems.org/
  specs:
    json (1.8.3)
    oauth (0.4.7)

PLATFORMS
  ruby

DEPENDENCIES
  json
  oauth

BUNDLED WITH
   1.10.6
